GEM
  remote: https://www.rubygems.org/
  specs:
    google-protobuf (3.23.4)
    haml (6.1.1)
      temple (>= 0.8.2)
      thor
      tilt
    rake (13.0.6)
    sass-embedded (1.63.6)
      google-protobuf (~> 3.23)
      rake (>= 13.0.0)
    temple (0.10.2)
    thor (1.2.2)
    tilt (2.2.0)
    webrick (1.8.1)

PLATFORMS
  ruby

DEPENDENCIES
  haml
  sass-embedded
  webrick

BUNDLED WITH
   2.1.4
