GEM
  remote: https://www.rubygems.org/
  specs:
    ffi (1.12.1)
    haml (6.1.1)
      temple (>= 0.8.2)
      thor
      tilt
    sassc (2.2.1)
      ffi (~> 1.9)
    temple (0.10.2)
    thor (1.2.2)
    tilt (2.2.0)
    webrick (1.7.0)

PLATFORMS
  ruby

DEPENDENCIES
  haml
  sassc
  webrick

BUNDLED WITH
   2.1.4
